PATH
  remote: .
  specs:
    table_string_replacer (0.2.0)

GEM
  remote: https://rubygems.org/
  specs:
    minitest (5.25.5)
    rake (13.2.1)
    rake-compiler (1.2.9)
      rake

PLATFORMS
  ruby
  x86_64-linux

DEPENDENCIES
  minitest (~> 5.0)
  rake (~> 13.0)
  rake-compiler (~> 1.2)
  table_string_replacer!

BUNDLED WITH
   2.5.18
